GEM
  remote: https://rubygems.org/
  specs:
    activemodel (3.2.18)
      activesupport (= 3.2.18)
      builder (~> 3.0.0)
    activerecord (3.2.18)
      activemodel (= 3.2.18)
      activesupport (= 3.2.18)
      arel (~> 3.0.2)
      tzinfo (~> 0.3.29)
    activesupport (3.2.18)
      i18n (~> 0.6, >= 0.6.4)
      multi_json (~> 1.0)
    addressable (2.3.6)
    arel (3.0.3)
    buftok (0.2.0)
    builder (3.0.4)
    equalizer (0.0.9)
    faraday (0.9.0)
      multipart-post (>= 1.2, < 3)
    http (0.6.1)
      http_parser.rb (~> 0.6.0)
    http_parser.rb (0.6.0)
    i18n (0.6.9)
    json (1.8.1)
    memoizable (0.4.2)
      thread_safe (~> 0.3, >= 0.3.1)
    multi_json (1.10.1)
    multipart-post (2.0.0)
    naught (1.0.0)
    pg (0.17.1)
    rack (1.5.2)
    simple_oauth (0.2.0)
    sinatra (1.1.4)
      rack (~> 1.1)
      tilt (>= 1.2.2, < 2.0)
    sqlite3 (1.3.9)
    thread_safe (0.3.3)
    tilt (1.4.1)
    twitter (5.9.0)
      addressable (~> 2.3)
      buftok (~> 0.2.0)
      equalizer (~> 0.0.9)
      faraday (~> 0.9.0)
      http (~> 0.6.0)
      http_parser.rb (~> 0.6.0)
      json (~> 1.8)
      memoizable (~> 0.4.0)
      naught (~> 1.0)
      simple_oauth (~> 0.2.0)
    tzinfo (0.3.39)

PLATFORMS
  ruby

DEPENDENCIES
  activerecord (~> 3.2.18)
  activesupport (~> 3.2.18)
  json (~> 1.8)
  pg (~> 0.17.1)
  sinatra (~> 1.1.3)
  sqlite3 (~> 1.3.7)
  twitter (~> 5.9)
